GEM
  remote: https://rubygems.org/
  specs:
    nsq-ruby (2.4.1)

PLATFORMS
  arm64-darwin-24
  ruby

DEPENDENCIES
  nsq-ruby (~> 2.4)

BUNDLED WITH
   2.6.9
