GEM
  remote: https://rubygems.org/
  specs:
    async (2.28.0)
      console (~> 1.29)
      fiber-annotation
      io-event (~> 1.11)
      metrics (~> 0.12)
      traces (~> 0.18)
    console (1.33.0)
      fiber-annotation
      fiber-local (~> 1.1)
      json
    fiber-annotation (0.2.0)
    fiber-local (1.1.0)
      fiber-storage
    fiber-storage (1.0.1)
    io-event (1.12.1)
    json (2.13.2)
    metrics (0.14.0)
    traces (0.18.1)

PLATFORMS
  arm64-darwin-24
  ruby

DEPENDENCIES
  async (~> 2.28)

BUNDLED WITH
   2.6.9
